GIT
  remote: https://github.com/HorizonShadow/discordrb
  revision: 408579985c209f9c45eaedbf1a9fee9719624d89
  branch: edit
  specs:
    discordrb (3.2.1)
      discordrb-webhooks (~> 3.2.0.1)
      opus-ruby
      rbnacl (~> 3.4.0)
      rest-client (>= 2.1.0.rc1)
      websocket-client-simple (>= 0.3.0)
    discordrb-webhooks (3.2.0.1)
      rest-client (>= 2.1.0.rc1)

GIT
  remote: https://github.com/avinashbot/redd.git
  revision: 3b1519a2d121efd18de59b935da6e652757eee90
  specs:
    redd (0.9.0.pre.3)
      http (~> 2.2)
      lazy_lazer (~> 0.8.1)

GEM
  remote: https://rubygems.org/
  specs:
    addressable (2.5.2)
      public_suffix (>= 2.0.2, < 4.0)
    axiom-types (0.1.1)
      descendants_tracker (~> 0.0.4)
      ice_nine (~> 0.11.0)
      thread_safe (~> 0.3, >= 0.3.1)
    bcrypt (3.1.12)
    bcrypt (3.1.12-x86-mingw32)
    bcrypt-ruby (3.1.5)
      bcrypt (>= 3.1.3)
    bcrypt-ruby (3.1.5-x86-mingw32)
      bcrypt (>= 3.1.3)
    byebug (10.0.2)
    coercible (1.0.0)
      descendants_tracker (~> 0.0.1)
    connection_pool (2.2.2)
    data_mapper (1.2.0)
      dm-aggregates (~> 1.2.0)
      dm-constraints (~> 1.2.0)
      dm-core (~> 1.2.0)
      dm-migrations (~> 1.2.0)
      dm-serializer (~> 1.2.0)
      dm-timestamps (~> 1.2.0)
      dm-transactions (~> 1.2.0)
      dm-types (~> 1.2.0)
      dm-validations (~> 1.2.0)
    data_objects (0.10.17)
      addressable (~> 2.1)
    debase (0.2.2)
      debase-ruby_core_source (>= 0.10.2)
    debase-ruby_core_source (0.10.4)
    declarative (0.0.10)
    declarative-option (0.1.0)
    descendants_tracker (0.0.4)
      thread_safe (~> 0.3, >= 0.3.1)
    dm-aggregates (1.2.0)
      dm-core (~> 1.2.0)
    dm-constraints (1.2.0)
      dm-core (~> 1.2.0)
    dm-core (1.2.1)
      addressable (~> 2.3)
    dm-do-adapter (1.2.0)
      data_objects (~> 0.10.6)
      dm-core (~> 1.2.0)
    dm-migrations (1.2.0)
      dm-core (~> 1.2.0)
    dm-serializer (1.2.2)
      dm-core (~> 1.2.0)
      fastercsv (~> 1.5)
      json (~> 1.6)
      json_pure (~> 1.6)
      multi_json (~> 1.0)
    dm-sqlite-adapter (1.2.0)
      dm-do-adapter (~> 1.2.0)
      do_sqlite3 (~> 0.10.6)
    dm-timestamps (1.2.0)
      dm-core (~> 1.2.0)
    dm-transactions (1.2.0)
      dm-core (~> 1.2.0)
    dm-types (1.2.2)
      bcrypt-ruby (~> 3.0)
      dm-core (~> 1.2.0)
      fastercsv (~> 1.5)
      json (~> 1.6)
      multi_json (~> 1.0)
      stringex (~> 1.4)
      uuidtools (~> 2.1)
    dm-validations (1.2.0)
      dm-core (~> 1.2.0)
    do_sqlite3 (0.10.17)
      data_objects (= 0.10.17)
    do_sqlite3 (0.10.17-x86-mingw32)
      data_objects (= 0.10.17)
    domain_name (0.5.20180417)
      unf (>= 0.0.5, < 1.0.0)
    equalizer (0.0.11)
    et-orbi (1.1.5)
      tzinfo
    event_emitter (0.2.6)
    eventmachine (1.2.7)
    eventmachine (1.2.7-x86-mingw32)
    faraday (0.15.2)
      multipart-post (>= 1.2, < 3)
    faraday_middleware (0.12.2)
      faraday (>= 0.7.4, < 1.0)
    fastercsv (1.5.5)
    faye-websocket (0.10.7)
      eventmachine (>= 0.12.0)
      websocket-driver (>= 0.5.1)
    ffi (1.9.25)
    ffi (1.9.25-x86-mingw32)
    fourchan-kit (0.2.1)
      json (~> 1.8)
      mechanize (~> 2.7)
      parallel (~> 1.0)
      thor (~> 0.19)
    fugit (1.1.5)
      et-orbi (~> 1.1, >= 1.1.3)
      raabro (~> 1.1)
    google-api-client (0.23.7)
      addressable (~> 2.5, >= 2.5.1)
      googleauth (>= 0.5, < 0.7.0)
      httpclient (>= 2.8.1, < 3.0)
      mime-types (~> 3.0)
      representable (~> 3.0)
      retriable (>= 2.0, < 4.0)
      signet (~> 0.9)
    googleauth (0.6.6)
      faraday (~> 0.12)
      jwt (>= 1.4, < 3.0)
      memoist (~> 0.12)
      multi_json (~> 1.11)
      os (>= 0.9, < 2.0)
      signet (~> 0.7)
    http (2.2.2)
      addressable (~> 2.3)
      http-cookie (~> 1.0)
      http-form_data (~> 1.0.1)
      http_parser.rb (~> 0.6.0)
    http-accept (1.7.0)
    http-cookie (1.0.3)
      domain_name (~> 0.5)
    http-form_data (1.0.3)
    http_parser.rb (0.6.0)
    httpclient (2.8.3)
    ice_nine (0.11.2)
    json (1.8.6)
    json_pure (1.8.6)
    jwt (2.1.0)
    lazy_lazer (0.8.1)
    libv8 (6.7.288.46.1)
    mechanize (2.7.6)
      domain_name (~> 0.5, >= 0.5.1)
      http-cookie (~> 1.0)
      mime-types (>= 1.17.2)
      net-http-digest_auth (~> 1.1, >= 1.1.1)
      net-http-persistent (>= 2.5.2)
      nokogiri (~> 1.6)
      ntlm-http (~> 0.1, >= 0.1.1)
      webrobots (>= 0.0.9, < 0.2)
    memoist (0.16.0)
    mime-types (3.2.2)
      mime-types-data (~> 3.2015)
    mime-types-data (3.2018.0812)
    mini_portile2 (2.3.0)
    mini_racer (0.2.4)
      libv8 (>= 6.3)
    mtg_sdk (2.2.0)
      faraday_middleware (~> 0.10)
      json (~> 1.8)
      multi_json (~> 1.11)
      multi_xml (~> 0.5)
      roar (~> 1.0)
      virtus (~> 1.0)
    multi_json (1.13.1)
    multi_xml (0.6.0)
    multipart-post (2.0.0)
    net-http-digest_auth (1.4.1)
    net-http-persistent (3.0.0)
      connection_pool (~> 2.2)
    netrc (0.11.0)
    nokogiri (1.8.4)
      mini_portile2 (~> 2.3.0)
    nokogiri (1.8.4-x86-mingw32)
      mini_portile2 (~> 2.3.0)
    ntlm-http (0.1.1)
    opus-ruby (1.0.1)
      ffi
    os (1.0.0)
    parallel (1.12.1)
    public_suffix (3.0.3)
    raabro (1.1.6)
    rake (12.3.2)
    rbnacl (3.4.0)
      ffi
    rbnacl-libsodium (1.0.16)
      rbnacl (>= 3.0.1)
    representable (3.0.4)
      declarative (< 0.1.0)
      declarative-option (< 0.2.0)
      uber (< 0.2.0)
    require_all (2.0.0)
    rest-client (2.1.0.rc1)
      http-accept (>= 1.7.0, < 2.0)
      http-cookie (>= 1.0.2, < 2.0)
      mime-types (>= 1.16, < 4.0)
      netrc (~> 0.8)
    rest-client (2.1.0.rc1-x86-mingw32)
      ffi (~> 1.9)
      http-accept (>= 1.7.0, < 2.0)
      http-cookie (>= 1.0.2, < 2.0)
      mime-types (>= 1.16, < 4.0)
      netrc (~> 0.8)
    retriable (3.1.2)
    roar (1.1.0)
      representable (~> 3.0.0)
    ruby-debug-ide (0.6.1)
      rake (>= 0.8.1)
    rufus-scheduler (3.5.2)
      fugit (~> 1.1, >= 1.1.5)
    signet (0.9.1)
      addressable (~> 2.3)
      faraday (~> 0.9)
      jwt (>= 1.5, < 3.0)
      multi_json (~> 1.10)
    stringex (1.5.1)
    thor (0.20.0)
    thread_safe (0.3.6)
    tzinfo (1.2.5)
      thread_safe (~> 0.1)
    tzinfo-data (1.2018.5)
      tzinfo (>= 1.0.0)
    uber (0.1.0)
    unf (0.1.4)
      unf_ext
    unf_ext (0.0.7.5)
    unf_ext (0.0.7.5-x86-mingw32)
    uuidtools (2.1.5)
    virtus (1.0.5)
      axiom-types (~> 0.1)
      coercible (~> 1.0)
      descendants_tracker (~> 0.0, >= 0.0.3)
      equalizer (~> 0.0, >= 0.0.9)
    webrobots (0.1.2)
    websocket (1.2.8)
    websocket-client-simple (0.3.0)
      event_emitter
      websocket
    websocket-driver (0.7.0)
      websocket-extensions (>= 0.1.0)
    websocket-extensions (0.1.3)

PLATFORMS
  ruby
  x86-mingw32

DEPENDENCIES
  byebug
  data_mapper
  debase
  discordrb!
  dm-sqlite-adapter
  faye-websocket
  fourchan-kit
  google-api-client
  mini_racer
  mtg_sdk
  rbnacl
  rbnacl-libsodium
  redd!
  require_all
  rest-client
  ruby-debug-ide
  rufus-scheduler
  tzinfo-data

BUNDLED WITH
   1.17.2
